PATH
  remote: .
  specs:
    pry-usable (1.0.0)
      pry
      usable (>= 3)

GEM
  remote: https://rubygems.org/
  specs:
    coderay (1.1.3)
    method_source (1.0.0)
    pry (0.14.1)
      coderay (~> 1.1)
      method_source (~> 1.0)
    rake (13.0.6)
    usable (3.9.4)

PLATFORMS
  arm64-darwin-21

DEPENDENCIES
  pry-usable!
  rake (~> 13.0)

BUNDLED WITH
   2.3.21
